GEM
  remote: https://rubygems.org/
  specs:
    bigdecimal (3.1.6)
    diff-lcs (1.5.1)
    rspec (3.13.0)
      rspec-core (~> 3.13.0)
      rspec-expectations (~> 3.13.0)
      rspec-mocks (~> 3.13.0)
    rspec-core (3.13.0)
      rspec-support (~> 3.13.0)
    rspec-expectations (3.13.0)
      diff-lcs (>= 1.2.0, < 2.0)
      rspec-support (~> 3.13.0)
    rspec-mocks (3.13.0)
      diff-lcs (>= 1.2.0, < 2.0)
      rspec-support (~> 3.13.0)
    rspec-support (3.13.0)
    sequel (5.77.0)
      bigdecimal
    sqlite3 (1.7.2-x86_64-darwin)

PLATFORMS
  x86_64-darwin-21

DEPENDENCIES
  rspec
  sequel
  sqlite3

BUNDLED WITH
   2.4.22
